GEM
  remote: https://rubygems.org/
  specs:
    ast (2.4.3)
    minitest (5.25.5)
    parser (3.3.9.0)
      ast (~> 2.4.1)
      racc
    racc (1.8.1)

PLATFORMS
  arm64-darwin-22

DEPENDENCIES
  minitest
  parser (~> 3.2)

BUNDLED WITH
   2.4.10
